GIT
  remote: git://github.com/igrigorik/bloomfilter-rb.git
  revision: 8c9da9516796f6653dd3905134e64c36016a6ea4
  specs:
    bloomfilter-rb (2.1.2)
      redis

GEM
  remote: https://rubygems.org/
  specs:
    activesupport (4.2.4)
      i18n (~> 0.7)
      json (~> 1.7, >= 1.7.7)
      minitest (~> 5.1)
      thread_safe (~> 0.3, >= 0.3.4)
      tzinfo (~> 1.1)
    capistrano (2.15.6)
      highline
      net-scp (>= 1.0.0)
      net-sftp (>= 2.0.0)
      net-ssh (>= 2.0.14)
      net-ssh-gateway (>= 1.1.0)
    capistrano-chef (0.1.0)
      capistrano (< 3)
      chef (>= 0.10.10)
    chef (11.10.4)
      chef-zero (~> 1.7, >= 1.7.2)
      diff-lcs (~> 1.2, >= 1.2.4)
      erubis (~> 2.7)
      highline (~> 1.6, >= 1.6.9)
      json (>= 1.4.4, <= 1.8.1)
      mime-types (~> 1.16)
      mixlib-authentication (~> 1.3)
      mixlib-cli (~> 1.4)
      mixlib-config (~> 2.0)
      mixlib-log (~> 1.3)
      mixlib-shellout (~> 1.3)
      net-ssh (~> 2.6)
      net-ssh-multi (~> 1.1)
      ohai (~> 6.0)
      pry (~> 0.9)
      puma (~> 1.6)
      rest-client (>= 1.0.4, < 1.7.0)
      yajl-ruby (~> 1.1)
    chef-zero (1.7.3)
      hashie (~> 2.0)
      json
      mixlib-log (~> 1.3)
      moneta (< 0.7.0)
      rack
    coderay (1.1.0)
    diff-lcs (1.2.5)
    erubis (2.7.0)
    hashie (2.1.2)
    highline (1.7.3)
    hiredis (0.5.2)
    i18n (0.7.0)
    ipaddress (0.8.0)
    json (1.8.1)
    method_source (0.8.2)
    mime-types (1.25.1)
    minitest (5.8.0)
    mixlib-authentication (1.3.0)
      mixlib-log
    mixlib-cli (1.5.0)
    mixlib-config (2.2.1)
    mixlib-log (1.6.0)
    mixlib-shellout (1.6.1)
    moneta (0.6.0)
    net-scp (1.2.1)
      net-ssh (>= 2.6.5)
    net-sftp (2.1.2)
      net-ssh (>= 2.6.5)
    net-ssh (2.9.2)
    net-ssh-gateway (1.2.0)
      net-ssh (>= 2.6.5)
    net-ssh-multi (1.2.1)
      net-ssh (>= 2.6.5)
      net-ssh-gateway (>= 1.2.0)
    ohai (6.24.2)
      ipaddress
      mixlib-cli
      mixlib-config
      mixlib-log
      mixlib-shellout
      systemu (~> 2.5.2)
      yajl-ruby
    pry (0.10.1)
      coderay (~> 1.1.0)
      method_source (~> 0.8.1)
      slop (~> 3.4)
    puma (1.6.3)
      rack (~> 1.2)
    rack (1.6.4)
    redis (3.1.0)
    rest-client (1.6.9)
      mime-types (~> 1.16)
    rspec (3.1.0)
      rspec-core (~> 3.1.0)
      rspec-expectations (~> 3.1.0)
      rspec-mocks (~> 3.1.0)
    rspec-core (3.1.7)
      rspec-support (~> 3.1.0)
    rspec-expectations (3.1.2)
      diff-lcs (>= 1.2.0, < 2.0)
      rspec-support (~> 3.1.0)
    rspec-mocks (3.1.3)
      rspec-support (~> 3.1.0)
    rspec-support (3.1.2)
    ruby-prof (0.15.8)
    slop (3.6.0)
    systemu (2.5.2)
    thread_safe (0.3.5)
    tzinfo (1.2.2)
      thread_safe (~> 0.1)
    yajl-ruby (1.2.1)

PLATFORMS
  ruby

DEPENDENCIES
  activesupport (~> 4.2.4)
  bloomfilter-rb (~> 2.1.2)!
  capistrano (~> 2.15.5)
  capistrano-chef (~> 0.1.0)
  chef (~> 11.10.4)
  hiredis (~> 0.5.2)
  json (~> 1.8.1)
  pry (~> 0.10.1)
  redis (~> 3.1.0)
  rspec (~> 3.1.0)
  ruby-prof (~> 0.15.2)

BUNDLED WITH
   1.10.6
